GEM
  remote: https://rubygems.org/
  specs:
    addressable (2.3.6)
    bson (1.11.1)
    faraday (0.9.0)
      multipart-post (>= 1.2, < 3)
    mongo (1.11.1)
      bson (= 1.11.1)
    multipart-post (2.0.0)
    octokit (2.7.2)
      sawyer (~> 0.5.2)
    sawyer (0.5.5)
      addressable (~> 2.3.5)
      faraday (~> 0.8, < 0.10)

PLATFORMS
  ruby

DEPENDENCIES
  mongo
  octokit (~> 2.0)
